GEM
  remote: https://rubygems.org/
  specs:
    albacore (1.0.0)
      nokogiri (~> 1.5)
      rake (~> 10.0)
      rubyzip (~> 1.0)
    mini_portile (0.6.2)
    nokogiri (1.6.6.2-x86-mingw32)
      mini_portile (~> 0.6.0)
    rake (10.4.2)
    rubyzip (1.1.7)

PLATFORMS
  x86-mingw32

DEPENDENCIES
  albacore (~> 1.0)
  rake (~> 10.4)
